GEM
  remote: http://rubygems.org/
  specs:
    ZenTest (4.9.0)
    autotest (4.4.6)
      ZenTest (>= 4.4.1)
    autotest-growl (0.2.16)
    backports (3.3.0)
    daemons (1.1.9)
    dalli (2.6.2)
    diff-lcs (1.2.3)
    eventmachine (1.0.3)
    haml (4.0.2)
      tilt
    macaddr (1.6.1)
      systemu (~> 2.5.0)
    mime-types (1.22)
    multi_json (1.7.2)
    nokogiri (1.5.9)
    rack (1.5.2)
    rack-protection (1.5.0)
      rack
    rack-test (0.6.2)
      rack (>= 1.0)
    rake (10.0.4)
    representable (1.4.0)
      multi_json
      nokogiri
    rest-client (1.6.7)
      mime-types (>= 1.16)
    rspec (2.13.0)
      rspec-core (~> 2.13.0)
      rspec-expectations (~> 2.13.0)
      rspec-mocks (~> 2.13.0)
    rspec-core (2.13.1)
    rspec-expectations (2.13.0)
      diff-lcs (>= 1.1.3, < 2.0)
    rspec-mocks (2.13.1)
    sequel (3.46.0)
    shotgun (0.9)
      rack (>= 1.0)
    sinatra (1.4.2)
      rack (~> 1.5, >= 1.5.2)
      rack-protection (~> 1.4)
      tilt (~> 1.3, >= 1.3.4)
    sinatra-contrib (1.4.0)
      backports (>= 2.0)
      eventmachine
      rack-protection
      rack-test
      sinatra (~> 1.4.2)
      tilt (~> 1.3)
    sqlite3 (1.3.7)
    systemu (2.5.2)
    thin (1.5.1)
      daemons (>= 1.0.9)
      eventmachine (>= 0.12.6)
      rack (>= 1.0.0)
    tilt (1.3.7)
    timecop (0.6.1)
    uuid (2.3.7)
      macaddr (~> 1.0)

PLATFORMS
  ruby

DEPENDENCIES
  ZenTest
  autotest
  autotest-growl
  dalli
  haml
  rack-test
  rake
  representable
  rest-client
  rspec
  sequel
  shotgun
  sinatra
  sinatra-contrib
  sqlite3
  thin
  timecop
  uuid
